GEM
  remote: http://rubygems.org/
  specs:
    ruby-protocol-buffers (1.5.1)

PLATFORMS
  ruby

DEPENDENCIES
  ruby-protocol-buffers
